PATH
  remote: .
  specs:
    namespace_helper (1.0.0rc1)

GEM
  remote: http://rubygems.org/
  specs:
    coderay (1.0.5)
    diff-lcs (1.1.3)
    maruku (0.6.0)
      syntax (>= 1.0.0)
    method_source (0.7.0)
    multi_json (1.0.4)
    pry (0.9.8.2)
      coderay (~> 1.0.5)
      method_source (~> 0.7)
      slop (>= 2.4.4, < 3)
    pry (0.9.8.2-java)
      coderay (~> 1.0.5)
      method_source (~> 0.7)
      slop (>= 2.4.4, < 3)
      spoon (~> 0.0)
    rake (0.9.2.2)
    rspec (2.6.0)
      rspec-core (~> 2.6.0)
      rspec-expectations (~> 2.6.0)
      rspec-mocks (~> 2.6.0)
    rspec-core (2.6.4)
    rspec-expectations (2.6.0)
      diff-lcs (~> 1.1.2)
    rspec-mocks (2.6.0)
    simplecov (0.5.4)
      multi_json (~> 1.0.3)
      simplecov-html (~> 0.5.3)
    simplecov-html (0.5.3)
    slop (2.4.4)
    spoon (0.0.1)
    syntax (1.0.0)
    yard (0.7.5)

PLATFORMS
  java
  ruby

DEPENDENCIES
  bundler (~> 1.0.21)
  maruku (~> 0.6.0)
  namespace_helper!
  pry (~> 0.9.8)
  rake (~> 0.9.2)
  rspec (~> 2.6.0)
  simplecov (~> 0.5.4)
  yard (~> 0.7.5)
